PATH
  remote: .
  specs:
    graphql_model_mapper (0.0.2)

GEM
  remote: https://rubygems.org/
  specs:
    activemodel (3.2.22.5)
      activesupport (= 3.2.22.5)
      builder (~> 3.0.0)
    activerecord (3.2.22.5)
      activemodel (= 3.2.22.5)
      activesupport (= 3.2.22.5)
      arel (~> 3.0.2)
      tzinfo (~> 0.3.29)
    activesupport (3.2.22.5)
      i18n (~> 0.6, >= 0.6.4)
      multi_json (~> 1.0)
    arel (3.0.3)
    builder (3.0.4)
    concurrent-ruby (1.0.5)
    graphql (1.7.5)
    i18n (0.9.1)
      concurrent-ruby (~> 1.0)
    minitest (5.10.3)
    multi_json (1.12.2)
    rake (12.2.1)
    tzinfo (0.3.53)

PLATFORMS
  ruby

DEPENDENCIES
  activemodel (~> 3.2.22.5)
  activerecord (~> 3.2.22.5)
  activesupport (~> 3.2.22.5)
  bundler (~> 1.16)
  graphql (~> 1.7.5)
  graphql_model_mapper!
  minitest (~> 5.0)
  rake

BUNDLED WITH
   1.16.0
